PATH
  remote: .
  specs:
    resque-heroku-autoscaler (0.3.1)
      activesupport
      heroku-api
      resque (>= 1.8)

GEM
  remote: http://rubygems.org/
  specs:
    activesupport (4.0.2)
      i18n (~> 0.6, >= 0.6.4)
      minitest (~> 4.2)
      multi_json (~> 1.3)
      thread_safe (~> 0.1)
      tzinfo (~> 0.3.37)
    atomic (1.1.14)
    coderay (1.0.9)
    diff-lcs (1.2.5)
    excon (0.25.3)
    heroku-api (0.3.15)
      excon (~> 0.25.1)
    i18n (0.6.9)
    method_source (0.8.2)
    minitest (4.7.5)
    mono_logger (1.1.0)
    multi_json (1.8.2)
    pry (0.9.12.2)
      coderay (~> 1.0.5)
      method_source (~> 0.8)
      slop (~> 3.4)
    rack (1.5.2)
    rack-protection (1.5.1)
      rack
    rake (10.1.0)
    redis (3.0.6)
    redis-namespace (1.4.1)
      redis (~> 3.0.4)
    resque (1.25.1)
      mono_logger (~> 1.0)
      multi_json (~> 1.0)
      redis-namespace (~> 1.2)
      sinatra (>= 0.9.2)
      vegas (~> 0.1.2)
    rr (1.0.2)
    rspec (2.14.1)
      rspec-core (~> 2.14.0)
      rspec-expectations (~> 2.14.0)
      rspec-mocks (~> 2.14.0)
    rspec-core (2.14.7)
    rspec-expectations (2.14.4)
      diff-lcs (>= 1.1.3, < 2.0)
    rspec-mocks (2.14.4)
    sinatra (1.4.4)
      rack (~> 1.4)
      rack-protection (~> 1.4)
      tilt (~> 1.3, >= 1.3.4)
    slop (3.4.6)
    thread_safe (0.1.3)
      atomic
    tilt (1.4.1)
    timecop (0.3.5)
    tzinfo (0.3.38)
    vegas (0.1.11)
      rack (>= 1.0.0)

PLATFORMS
  ruby

DEPENDENCIES
  activesupport
  heroku-api
  pry
  rake
  resque (>= 1.8)
  resque-heroku-autoscaler!
  rr (= 1.0.2)
  rspec (~> 2.0)
  timecop (= 0.3.5)
